PATH
  remote: .
  specs:
    rbedis (0.0.0)
      active_support (~> 3.0.0)
      colored (~> 1.2)

GEM
  remote: http://rubygems.org/
  specs:
    active_support (3.0.0)
      activesupport (= 3.0.0)
    activesupport (3.0.0)
    bump (0.4.1)
    colored (1.2)
    diff-lcs (1.2.4)
    rake (10.0.4)
    rspec (2.13.0)
      rspec-core (~> 2.13.0)
      rspec-expectations (~> 2.13.0)
      rspec-mocks (~> 2.13.0)
    rspec-core (2.13.1)
    rspec-expectations (2.13.0)
      diff-lcs (>= 1.1.3, < 2.0)
    rspec-mocks (2.13.1)

PLATFORMS
  ruby

DEPENDENCIES
  bump
  rake
  rbedis!
  rspec (~> 2)
